GEM
  remote: https://rubygems.org/
  specs:
    ansi (1.5.0)
    builder (3.2.4)
    minitest (5.14.4)
    minitest-reporters (1.4.3)
      ansi
      builder
      minitest (>= 5.0)
      ruby-progressbar
    rake (13.0.6)
    ruby-progressbar (1.10.1)

PLATFORMS
  x86_64-darwin-18

DEPENDENCIES
  minitest (~> 5.10)
  minitest-reporters (~> 1.1)
  rake

RUBY VERSION
   ruby 2.6.5p114

BUNDLED WITH
   2.2.30
